PATH
  remote: .
  specs:
    PageRankr (2.0.0)
      json (>= 1.4.6)
      nokogiri (>= 1.4.1)
      public_suffix_service (~> 0.8.1)
      typhoeus (~> 0.2.1)

GEM
  remote: http://rubygems.org/
  specs:
    diff-lcs (1.1.2)
    fuubar (0.0.2)
      rspec (~> 2.0)
      rspec-instafail (~> 0.1.4)
      ruby-progressbar (~> 0.0.9)
    json (1.5.1)
    mime-types (1.16)
    nokogiri (1.4.4)
    public_suffix_service (0.8.1)
    rspec (2.1.0)
      rspec-core (~> 2.1.0)
      rspec-expectations (~> 2.1.0)
      rspec-mocks (~> 2.1.0)
    rspec-core (2.1.0)
    rspec-expectations (2.1.0)
      diff-lcs (~> 1.1.2)
    rspec-instafail (0.1.5)
    rspec-mocks (2.1.0)
    ruby-progressbar (0.0.9)
    typhoeus (0.2.1)
      mime-types

PLATFORMS
  ruby

DEPENDENCIES
  PageRankr!
  bundler (>= 1.0.0)
  fuubar (>= 0.0.1)
  rspec (~> 2.1.0)
